PATH
  remote: .
  specs:
    ec2ssh (1.0.2)
      aws-sdk
      highline (~> 1.6)
      pit (~> 0.0.7)
      thor (~> 0.14.6)

GEM
  remote: https://rubygems.org/
  specs:
    aws-sdk (1.8.3.1)
      json (~> 1.4)
      nokogiri (>= 1.4.4)
      uuidtools (~> 2.1)
    highline (1.6.15)
    json (1.7.7)
    nokogiri (1.5.6)
    pit (0.0.7)
    thor (0.14.6)
    uuidtools (2.1.3)

PLATFORMS
  ruby

DEPENDENCIES
  ec2ssh!
